GEM
  remote: http://rubygems.org/
  specs:
    cocoapods (0.5.1)
      xcodeproj (~> 0.1.0)
    motion-cocoapods (1.0.1)
      cocoapods (>= 0.5.1)
    xcodeproj (0.1.0)

PLATFORMS
  ruby

DEPENDENCIES
  motion-cocoapods
